GEM
  remote: http://rubygems.org/
  specs:
    chunky_png (1.2.5)
    closure-compiler (1.1.4)
    compass (0.11.5)
      chunky_png (~> 1.2)
      fssm (>= 0.2.7)
      sass (~> 3.1)
    execjs (1.2.12)
      multi_json (~> 1.0)
    fssm (0.2.7)
    highline (1.6.8)
    httpclient (2.2.4)
    jshint (0.1.1)
    json (1.6.1)
    multi_json (1.0.4)
    oily_png (1.0.2)
      chunky_png (~> 1.2.1)
    rake (0.9.2.2)
    rb-fsevent (0.4.3.1)
    sass (3.1.10)
    smusher (0.4.9)
      httpclient (>= 2.2)
      json
      rake
    term-ansicolor (1.0.7)
    uglifier (1.1.0)
      execjs (>= 0.3.0)
      multi_json (>= 1.0.2)

PLATFORMS
  ruby

DEPENDENCIES
  closure-compiler (>= 1.1.4)
  compass (>= 0.11.5)
  fssm (>= 0.2.7)
  highline (~> 1.6.8)
  httpclient (>= 2.2.4)
  jshint (>= 0.1.1)
  json (>= 1.6.1)
  oily_png (>= 1.0.2)
  rake (>= 0.9.2.2)
  rb-fsevent (>= 0.4.3.1)
  sass (>= 3.1.10)
  smusher (>= 0.4.9)
  term-ansicolor (>= 1.0.7)
  uglifier (>= 1.1.0)
