GEM
  remote: http://rubygems.org/
  specs:
    chunky_png (1.2.0)
    closure-compiler (1.1.1)
    compass (0.11.3)
      chunky_png (~> 1.2)
      fssm (>= 0.2.7)
      sass (~> 3.1)
    configuration (1.2.0)
    fssm (0.2.7)
    github (0.6.2)
      highline (~> 1.5.1)
      json_pure (~> 1.5.1)
      launchy (~> 0.3.7)
      text-format (= 1.0.0)
      text-hyphen (= 1.0.0)
    highline (1.5.2)
    json (1.5.1)
    json_pure (1.5.1)
    launchy (0.3.7)
      configuration (>= 0.0.5)
      rake (>= 0.8.1)
    oily_png (1.0.1)
      chunky_png (~> 1)
    rake (0.9.0)
    rb-appscript (0.6.1)
    sass (3.1.2)
    terminitor (0.5.1)
      github (~> 0.6.2)
      rb-appscript (~> 0.6.1)
      thor (~> 0.14.0)
    text-format (1.0.0)
      text-hyphen (~> 1.0.0)
    text-hyphen (1.0.0)
    thor (0.14.6)

PLATFORMS
  ruby

DEPENDENCIES
  closure-compiler
  compass (>= 0.11)
  fssm
  json
  oily_png
  rake
  sass
  terminitor
