GEM
  remote: http://rubygems.org/
  specs:
    chunky_png (1.2.0)
    closure-compiler (1.1.1)
    compass (0.11.3)
      chunky_png (~> 1.2)
      fssm (>= 0.2.7)
      sass (~> 3.1)
    fssm (0.2.7)
    json_pure (1.5.1)
    rake (0.9.0)
    sass (3.1.2)
    term-ansicolor (1.0.5)

PLATFORMS
  ruby

DEPENDENCIES
  closure-compiler
  compass (>= 0.11)
  fssm
  json_pure
  rake
  sass
  term-ansicolor
