GEM
  remote: http://rubygems.org/
  specs:
    chunky_png (1.2.1)
    closure-compiler (1.1.3)
    compass (0.11.5)
      chunky_png (~> 1.2)
      fssm (>= 0.2.7)
      sass (~> 3.1)
    fssm (0.2.7)
    highline (1.6.2)
    jshint (0.1.1)
    json (1.5.3)
    oily_png (1.0.2)
      chunky_png (~> 1.2.1)
    rake (0.9.2)
    rb-fsevent (0.4.3)
    sass (3.1.7)
    term-ansicolor (1.0.6)

PLATFORMS
  ruby

DEPENDENCIES
  closure-compiler (>= 1.1.3)
  compass (>= 0.11.5)
  fssm (>= 0.2.7)
  highline (~> 1.6.2)
  jshint (>= 0.1.1)
  json (>= 1.5.3)
  oily_png (>= 1.0.2)
  rake (>= 0.9.2)
  rb-fsevent (>= 0.4.3)
  sass (>= 3.1.7)
  term-ansicolor (>= 1.0.6)
